GIT
  remote: git://github.com/droonga/droonga-client-ruby.git
  revision: 846b203038a6a83653b8aee1b003ad294d03a498
  specs:
    droonga-client (0.1.0)
      fluent-logger
      msgpack

GEM
  remote: https://rubygems.org/
  specs:
    fluent-logger (0.4.7)
      msgpack (>= 0.4.4, < 0.6.0, != 0.5.3, != 0.5.2, != 0.5.1, != 0.5.0)
      yajl-ruby (~> 1.0)
    msgpack (0.5.7)
    yajl-ruby (1.1.0)

PLATFORMS
  ruby

DEPENDENCIES
  droonga-client!
